PATH
  remote: .
  specs:
    aa-console (0.1)

GEM
  remote: https://rubygems.org/
  specs:
    io-console (0.5.3)
    rake (13.0.1)
    readline (0.0.1)
      reline
    reline (0.1.1)
      io-console (~> 0.5)

PLATFORMS
  ruby

DEPENDENCIES
  aa-console!
  bundler (~> 2.0)
  rake (~> 13.0)
  readline (~> 0.0.1)

BUNDLED WITH
   2.0.2
